{
  "AcquisitionMatrixPE": 256,
  "AcquisitionNumber": 1,
  "AcquisitionTime": "12:37:55.665000",
  "BaseResolution": 256,
  "CoilCombinationMethod": "Adaptive Combine",
  "CoilString": "T:HEA;HEP",
  "ConversionSoftware": "dcm2niix",
  "ConversionSoftwareVersion": "v1.0.20220720",
  "DeviceSerialNumber": "35370",
  "DwellTime": 1.15e-05,
  "EchoTime": 0.00252,
  "FlipAngle": 9,
  "HeudiconvVersion": "0.13.1",
  "ImageOrientationPatientDICOM": [-0.11828, 0.963862, 0.238703, -0.025196, 0.2374, -0.971085],
  "ImageOrientationText": "Sag>Cor(-6.9)>Tra(-0.2)",
  "ImageType": [
    "ORIGINAL",
    "PRIMARY",
    "M",
    "ND",
    "NORM"
],
  "ImagingFrequency": 123.236,
  "InPlanePhaseEncodingDirectionDICOM": "ROW",
  "InstitutionAddress": "Habelschwerdter Allee 45,Berlin,District,DE,14195",
  "InstitutionName": "Freie Universitaet",
  "InstitutionalDepartmentName": "Department",
  "InversionTime": 0.9,
  "MRAcquisitionType": "3D",
  "MagneticFieldStrength": 3,
  "Manufacturer": "Siemens",
  "ManufacturersModelName": "TrioTim",
  "MatrixCoilMode": "GRAPPA",
  "Modality": "MR",
  "NonlinearGradientCorrection": false,
  "ParallelReductionFactorInPlane": 2,
  "PartialFourier": 1,
  "PatientPosition": "HFS",
  "PercentPhaseFOV": 100,
  "PercentSampling": 100,
  "PhaseEncodingSteps": 255,
  "PhaseResolution": 1,
  "PixelBandwidth": 170,
  "ProcedureStepDescription": "Projekte^fMRI_12ch._AAH-Scout",
  "ProtocolName": "t1_mpr_1x1x1_176",
  "PulseSequenceDetails": "%SiemensSeq%\\tfl",
  "ReceiveCoilName": "HeadMatrix",
  "ReconMatrixPE": 256,
  "RefLinesPE": 24,
  "RepetitionTime": 1.9,
  "SAR": 0.133537,
  "ScanOptions": "IR",
  "ScanningSequence": "GR\\IR",
  "SequenceName": "*tfl3d1_ns",
  "SequenceVariant": "SP\\MP",
  "SeriesDescription": "t1_mpr_1x1x1_176",
  "SeriesNumber": 3,
  "ShimSetting": [-6789, -5622, -10948, -184, 461, 872, 145, 141],
  "SliceThickness": 1,
  "SoftwareVersions": "syngo MR B17",
  "StationName": "MRC35370",
  "TxRefAmp": 293.344}