{
  "AcquisitionMatrixPE": 64,
  "AcquisitionNumber": 1,
  "AcquisitionTime": "11:01:6.635000",
  "BandwidthPerPixelPhaseEncode": 58.962,
  "BaseResolution": 64,
  "CoilCombinationMethod": "Sum of Squares",
  "CoilString": "t:HEA;HEP",
  "ConversionSoftware": "dcm2niix",
  "ConversionSoftwareVersion": "v1.0.20211006",
  "DerivedVendorReportedEchoSpacing": 0.000530002,
  "DeviceSerialNumber": "35370",
  "DwellTime": 3.5e-06,
  "EchoTime": 0.03,
  "EffectiveEchoSpacing": 0.000265001,
  "FlipAngle": 70,
  "HeudiconvVersion": "0.11.3+d20220512",
  "ImageOrientationPatientDICOM": [0.990411, 0.0524098, -0.127829, -0.0842431, 0.962435, -0.258111],
  "ImageOrientationText": "Tra>Cor(-15.5)>Sag(-6.3)",
  "ImageType": [
    "ORIGINAL",
    "PRIMARY",
    "M",
    "ND",
    "MOSAIC"
],
  "ImagingFrequency": 123.236,
  "InPlanePhaseEncodingDirectionDICOM": "COL",
  "InstitutionAddress": "Habelschwerdter Allee 45,Berlin,District,DE,14195",
  "InstitutionName": "Freie Universitaet",
  "InstitutionalDepartmentName": "Department",
  "MRAcquisitionType": "2D",
  "MagneticFieldStrength": 3,
  "Manufacturer": "Siemens",
  "ManufacturersModelName": "TrioTim",
  "MatrixCoilMode": "GRAPPA",
  "Modality": "MR",
  "ParallelReductionFactorInPlane": 2,
  "PartialFourier": 1,
  "PatientPosition": "HFS",
  "PercentPhaseFOV": 100,
  "PercentSampling": 100,
  "PhaseEncodingDirection": "j-",
  "PhaseEncodingSteps": 63,
  "PhaseResolution": 1,
  "PixelBandwidth": 2232,
  "ProcedureStepDescription": "Projekte^fMRI_12ch._AAH-Scout",
  "ProtocolName": "ep2d_TR2_Braille_3x3x3_170",
  "PulseSequenceDetails": "%SiemensSeq%\\ep2d_bold",
  "ReceiveCoilName": "HeadMatrix",
  "ReconMatrixPE": 64,
  "RefLinesPE": 24,
  "RepetitionTime": 2,
  "SAR": 0.131438,
  "ScanOptions": "FS",
  "ScanningSequence": "EP",
  "SequenceName": "*epfid2d1_64",
  "SequenceVariant": "SK",
  "SeriesDescription": "ep2d_TR2_Braille_3x3x3_170",
  "SeriesNumber": 5,
  "ShimSetting": [-6845, -5677, -10752, -110, 637, 1508, 218, 208],
  "SliceThickness": 3,
  "SliceTiming": [0, 1.0325, 0.055, 1.085, 0.11, 1.14, 0.1625, 1.195, 0.2175, 1.2475, 0.2725, 1.3025, 0.325, 1.3575, 0.38, 1.4125, 0.435, 1.465, 0.49, 1.52, 0.5425, 1.575, 0.5975, 1.6275, 0.6525, 1.6825, 0.705, 1.7375, 0.76, 1.79, 0.815, 1.845, 0.8675, 1.9, 0.9225, 1.955, 0.9775],
  "SoftwareVersions": "syngo MR B17",
  "SpacingBetweenSlices": 3.6,
  "StationName": "MRC35370",
  "TaskName": "letters",
  "TotalReadoutTime": 0.0166951,
  "TxRefAmp": 350.954}