{
  "AcquisitionMatrixPE": 64,
  "AcquisitionNumber": 1,
  "AcquisitionTime": "10:47:18.170000",
  "BandwidthPerPixelPhaseEncode": 58.962,
  "BaseResolution": 64,
  "CoilCombinationMethod": "Sum of Squares",
  "CoilString": "t:HEA;HEP",
  "ConversionSoftware": "dcm2niix",
  "ConversionSoftwareVersion": "v1.0.20211006",
  "DerivedVendorReportedEchoSpacing": 0.000530002,
  "DeviceSerialNumber": "35370",
  "DwellTime": 3.5e-06,
  "EchoTime": 0.03,
  "EffectiveEchoSpacing": 0.000265001,
  "FlipAngle": 70,
  "HeudiconvVersion": "0.11.3+d20220512",
  "ImageOrientationPatientDICOM": [0.986359, -0.138641, 0.0887351, 0.149684, 0.979735, -0.133097],
  "ImageOrientationText": "Tra>Cor(-8.3)>Sag(3.9)",
  "ImageType": [
    "ORIGINAL",
    "PRIMARY",
    "M",
    "ND",
    "MOSAIC"
],
  "ImagingFrequency": 123.236,
  "InPlanePhaseEncodingDirectionDICOM": "COL",
  "InstitutionAddress": "Habelschwerdter Allee 45,Berlin,District,DE,14195",
  "InstitutionName": "Freie Universitaet",
  "InstitutionalDepartmentName": "Department",
  "MRAcquisitionType": "2D",
  "MagneticFieldStrength": 3,
  "Manufacturer": "Siemens",
  "ManufacturersModelName": "TrioTim",
  "MatrixCoilMode": "GRAPPA",
  "Modality": "MR",
  "ParallelReductionFactorInPlane": 2,
  "PartialFourier": 1,
  "PatientPosition": "HFS",
  "PercentPhaseFOV": 100,
  "PercentSampling": 100,
  "PhaseEncodingDirection": "j-",
  "PhaseEncodingSteps": 63,
  "PhaseResolution": 1,
  "PixelBandwidth": 2232,
  "ProcedureStepDescription": "Projekte^fMRI_12ch._AAH-Scout",
  "ProtocolName": "ep2d_TR2_Braille_3x3x3_170",
  "PulseSequenceDetails": "%SiemensSeq%\\ep2d_bold",
  "ReceiveCoilName": "HeadMatrix",
  "ReconMatrixPE": 64,
  "RefLinesPE": 24,
  "RepetitionTime": 2,
  "SAR": 0.114542,
  "ScanOptions": "FS",
  "ScanningSequence": "EP",
  "SequenceName": "*epfid2d1_64",
  "SequenceVariant": "SK",
  "SeriesDescription": "ep2d_TR2_Braille_3x3x3_170",
  "SeriesNumber": 12,
  "ShimSetting": [-6744, -5690, -10776, 243, 511, 1531, 367, 58],
  "SliceThickness": 3,
  "SliceTiming": [0, 1.03, 0.055, 1.085, 0.1075, 1.14, 0.1625, 1.1925, 0.2175, 1.2475, 0.27, 1.3025, 0.325, 1.3575, 0.38, 1.41, 0.435, 1.465, 0.4875, 1.52, 0.5425, 1.5725, 0.5975, 1.6275, 0.65, 1.6825, 0.705, 1.735, 0.76, 1.79, 0.815, 1.845, 0.8675, 1.9, 0.9225, 1.9525, 0.9775],
  "SoftwareVersions": "syngo MR B17",
  "SpacingBetweenSlices": 3.6,
  "StationName": "MRC35370",
  "TaskName": "letters",
  "TotalReadoutTime": 0.0166951,
  "TxRefAmp": 284.097}