{
  "AcquisitionMatrixPE": 256,
  "AcquisitionNumber": 1,
  "AcquisitionTime": "10:46:50.287500",
  "BaseResolution": 256,
  "CoilCombinationMethod": "Adaptive Combine",
  "CoilString": "T:HEA;HEP",
  "ConversionSoftware": "dcm2niix",
  "ConversionSoftwareVersion": "v1.0.20220720",
  "DeviceSerialNumber": "35370",
  "DwellTime": 1.15e-05,
  "EchoTime": 0.00252,
  "FlipAngle": 9,
  "HeudiconvVersion": "0.13.1",
  "ImageOrientationPatientDICOM": [-0.00956932, 0.945667, 0.324995, -0.0120875, 0.324877, -0.945679],
  "ImageOrientationText": "Sag>Cor(-0.7)>Tra(0.5)",
  "ImageType": [
    "ORIGINAL",
    "PRIMARY",
    "M",
    "ND",
    "NORM"
],
  "ImagingFrequency": 123.236,
  "InPlanePhaseEncodingDirectionDICOM": "ROW",
  "InstitutionAddress": "Habelschwerdter Allee 45,Berlin,District,DE,14195",
  "InstitutionName": "Freie Universitaet",
  "InstitutionalDepartmentName": "Department",
  "InversionTime": 0.9,
  "MRAcquisitionType": "3D",
  "MagneticFieldStrength": 3,
  "Manufacturer": "Siemens",
  "ManufacturersModelName": "TrioTim",
  "MatrixCoilMode": "GRAPPA",
  "Modality": "MR",
  "NonlinearGradientCorrection": false,
  "ParallelReductionFactorInPlane": 2,
  "PartialFourier": 1,
  "PatientPosition": "HFS",
  "PercentPhaseFOV": 100,
  "PercentSampling": 100,
  "PhaseEncodingSteps": 255,
  "PhaseResolution": 1,
  "PixelBandwidth": 170,
  "ProcedureStepDescription": "Projekte^fMRI_12 ch._AA-Scout",
  "ProtocolName": "t1_mpr_1x1x1_176",
  "PulseSequenceDetails": "%SiemensSeq%\\tfl",
  "ReceiveCoilName": "HeadMatrix",
  "ReconMatrixPE": 256,
  "RefLinesPE": 24,
  "RepetitionTime": 1.9,
  "SAR": 0.116624,
  "ScanOptions": "IR",
  "ScanningSequence": "GR\\IR",
  "SequenceName": "*tfl3d1_ns",
  "SequenceVariant": "SP\\MP",
  "SeriesDescription": "t1_mpr_1x1x1_176",
  "SeriesNumber": 5,
  "ShimSetting": [-6795, -5514, -11089, -352, 598, 1625, 1154, 76],
  "SliceThickness": 1,
  "SoftwareVersions": "syngo MR B17",
  "StationName": "MRC35370",
  "TxRefAmp": 301.527}